GEM
  remote: https://rubygems.org/
  specs:
    ProMotion (0.6.1)
    teacup (2.0.2)

PLATFORMS
  ruby

DEPENDENCIES
  ProMotion (~> 0.6.0)
  teacup
